PATH
  remote: .
  specs:
    nxt (0.2.0)
      activesupport (~> 3.2.13)
      libusb (~> 0.3.4)
      serialport (~> 1.1.0)

GEM
  remote: https://rubygems.org/
  specs:
    activesupport (3.2.13)
      i18n (= 0.6.1)
      multi_json (~> 1.0)
    coderay (1.0.9)
    diff-lcs (1.2.4)
    ffi (1.8.1)
    i18n (0.6.1)
    libusb (0.3.4)
      ffi (>= 1.0)
    method_source (0.8.1)
    multi_json (1.7.4)
    pry (0.9.12.2)
      coderay (~> 1.0.5)
      method_source (~> 0.8)
      slop (~> 3.4)
    redcarpet (2.3.0)
    rspec (2.13.0)
      rspec-core (~> 2.13.0)
      rspec-expectations (~> 2.13.0)
      rspec-mocks (~> 2.13.0)
    rspec-core (2.13.1)
    rspec-expectations (2.13.0)
      diff-lcs (>= 1.1.3, < 2.0)
    rspec-mocks (2.13.1)
    serialport (1.1.0)
    slop (3.4.5)
    yard (0.8.6.1)

PLATFORMS
  ruby

DEPENDENCIES
  nxt!
  pry (~> 0.9.12.2)
  redcarpet (~> 2.3.0)
  rspec (~> 2.13.0)
  yard (~> 0.8.6.1)
