PATH
  remote: .
  specs:
    lego-nxt (0.2.0.pre.1.pre.g83ce604)
      activesupport (~> 6.0, >= 6.0.3.4)
      libusb (~> 0.6.4)
      serialport (~> 1.3.1)

GEM
  remote: https://rubygems.org/
  specs:
    activesupport (6.1.6.1)
      concurrent-ruby (~> 1.0, >= 1.0.2)
      i18n (>= 1.6, < 2)
      minitest (>= 5.1)
      tzinfo (~> 2.0)
      zeitwerk (~> 2.3)
    ast (2.4.1)
    byebug (11.1.3)
    coderay (1.1.3)
    concurrent-ruby (1.1.10)
    diff-lcs (1.4.4)
    docile (1.3.2)
    ffi (1.13.1)
    filewatcher (1.1.1)
      optimist (~> 3.0)
    i18n (1.12.0)
      concurrent-ruby (~> 1.0)
    libusb (0.6.4)
      ffi (~> 1.0)
      mini_portile2 (~> 2.1)
    method_source (1.0.0)
    mini_portile2 (2.5.0)
    minitest (5.16.2)
    optimist (3.0.1)
    parallel (1.20.1)
    parser (2.7.2.0)
      ast (~> 2.4.1)
    pry (0.13.1)
      coderay (~> 1.1)
      method_source (~> 1.0)
    pry-byebug (3.9.0)
      byebug (~> 11.0)
      pry (~> 0.13.0)
    rainbow (3.0.0)
    redcarpet (3.5.1)
    regexp_parser (2.0.0)
    rexml (3.2.5)
    rspec (3.10.0)
      rspec-core (~> 3.10.0)
      rspec-expectations (~> 3.10.0)
      rspec-mocks (~> 3.10.0)
    rspec-core (3.10.0)
      rspec-support (~> 3.10.0)
    rspec-expectations (3.10.0)
      diff-lcs (>= 1.2.0, < 2.0)
      rspec-support (~> 3.10.0)
    rspec-mocks (3.10.0)
      diff-lcs (>= 1.2.0, < 2.0)
      rspec-support (~> 3.10.0)
    rspec-support (3.10.0)
    rubocop (1.5.0)
      parallel (~> 1.10)
      parser (>= 2.7.1.5)
      rainbow (>= 2.2.2, < 4.0)
      regexp_parser (>= 2.0)
      rexml
      rubocop-ast (>= 1.2.0)
      ruby-progressbar (~> 1.7)
      unicode-display_width (>= 1.4.0, < 2.0)
    rubocop-ast (1.3.0)
      parser (>= 2.7.1.5)
    rubocop-rspec (2.0.0)
      rubocop (~> 1.0)
      rubocop-ast (>= 1.1.0)
    ruby-progressbar (1.10.1)
    serialport (1.3.1)
    simplecov (0.20.0)
      docile (~> 1.1)
      simplecov-html (~> 0.11)
      simplecov_json_formatter (~> 0.1)
    simplecov-html (0.12.3)
    simplecov-lcov (0.8.0)
    simplecov_json_formatter (0.1.2)
    tzinfo (2.0.5)
      concurrent-ruby (~> 1.0)
    unicode-display_width (1.7.0)
    yard (0.9.25)
    zeitwerk (2.6.0)

PLATFORMS
  ruby

DEPENDENCIES
  filewatcher (~> 1.1, >= 1.1.1)
  lego-nxt!
  pry-byebug (~> 3.9, >= 3.9.0)
  redcarpet (~> 3.5, >= 3.5.0)
  rspec (~> 3.10, >= 3.10.0)
  rubocop (~> 1.4, >= 1.4.2)
  rubocop-rspec (~> 2.0, >= 2.0.0)
  simplecov (~> 0.20, >= 0.20.0)
  simplecov-lcov (~> 0.8, >= 0.8.0)
  yard (~> 0.9, >= 0.9.25)

BUNDLED WITH
   2.1.4
