PATH
  remote: .
  specs:
    nxt (0.1.0)
      activesupport (~> 3.2.2)
      ruby-usb (~> 0.2.1)
      serialport (~> 1.0.4)

GEM
  remote: http://rubygems.org/
  specs:
    activesupport (3.2.2)
      i18n (~> 0.6)
      multi_json (~> 1.0)
    coderay (1.0.5)
    diff-lcs (1.1.3)
    i18n (0.6.0)
    method_source (0.7.1)
    multi_json (1.2.0)
    pry (0.9.8.4)
      coderay (~> 1.0.5)
      method_source (~> 0.7.1)
      slop (>= 2.4.4, < 3)
    redcarpet (2.1.1)
    rspec (2.8.0)
      rspec-core (~> 2.8.0)
      rspec-expectations (~> 2.8.0)
      rspec-mocks (~> 2.8.0)
    rspec-core (2.8.0)
    rspec-expectations (2.8.0)
      diff-lcs (~> 1.1.2)
    rspec-mocks (2.8.0)
    ruby-usb (0.2.1)
    serialport (1.0.4)
    slop (2.4.4)
    yard (0.7.5)

PLATFORMS
  ruby

DEPENDENCIES
  nxt!
  pry (~> 0.9.8.4)
  redcarpet (~> 2.1.0)
  rspec (~> 2.8.0)
  yard (~> 0.7.5)
